GEM
  remote: https://rubygems.org/
  specs:
    rack (1.6.12)
    rack-protection (1.5.0)
      rack
    rack-subdomain (0.3.0)
      rack (>= 1.2.0, <= 2.0.0)
    sinatra (1.4.3)
      rack (~> 1.4)
      rack-protection (~> 1.4)
      tilt (~> 1.3, >= 1.3.4)
    tilt (1.4.1)

PLATFORMS
  ruby

DEPENDENCIES
  rack-subdomain
  sinatra
