GEM
  remote: http://rubygems.org/
  specs:
    chunky_png (1.2.8)
    execjs (2.8.1)
    json (2.6.3)
    libv8 (3.16.14.3)
    ref (1.0.5)
    sass (3.2.11)
    therubyracer (0.12.0)
      libv8 (~> 3.16.14.0)
      ref
    uglifier (2.7.2)
      execjs (>= 0.3.0)
      json (>= 1.8.0)

PLATFORMS
  ruby

DEPENDENCIES
  chunky_png
  sass
  therubyracer
  uglifier
